GEM
  remote: https://rubygems.org/
  specs:
    activesupport (2.3.18)
    coderay (1.1.0)
    method_source (0.8.2)
    nokogiri (1.5.11)
    pry (0.9.12.6)
      coderay (~> 1.0)
      method_source (~> 0.8)
      slop (~> 3.4)
    slim (2.0.2)
      temple (~> 0.6.6)
      tilt (>= 1.3.3, < 2.1)
    slop (3.5.0)
    temple (0.6.7)
    tilt (1.4.1)

PLATFORMS
  ruby

DEPENDENCIES
  activesupport (~> 2.3.18)
  nokogiri (~> 1.5.11)
  pry
  slim
